GEM
  remote: https://rubygems.org/
  specs:
    babel-source (5.8.35)
    babel-transpiler (0.7.0)
      babel-source (>= 4.0, < 6)
      execjs (~> 2.0)
    byebug (8.2.5)
    concurrent-ruby (1.0.2)
    execjs (2.7.0)
    rack (1.6.4)
    rake (11.1.2)
    sprockets (4.0.0.beta2)
      concurrent-ruby (~> 1.0)
      rack (> 1, < 3)

PLATFORMS
  ruby

DEPENDENCIES
  babel-transpiler
  byebug
  rake
  sprockets (= 4.0.0.beta2)

BUNDLED WITH
   1.11.2
