GEM
  remote: https://rubygems.org/
  specs:
    rack (1.6.1)
    sprockets (3.1.0)
      rack (~> 1.0)

PLATFORMS
  ruby

DEPENDENCIES
  sprockets

BUNDLED WITH
   1.10.3
