GEM
  remote: https://rubygems.org/
  specs:
    concurrent-ruby (1.1.5)
    rack (2.0.8)
    rake (11.1.2)
    sprockets (3.7.2)
      concurrent-ruby (~> 1.0)
      rack (> 1, < 3)

PLATFORMS
  ruby

DEPENDENCIES
  rake
  sprockets

BUNDLED WITH
   1.11.2
